PATH
  remote: .
  specs:
    traffic (0.0.1)
      typhoeus

GEM
  remote: http://rubygems.org/
  specs:
    mime-types (1.18)
    typhoeus (0.3.3)
      mime-types

PLATFORMS
  ruby

DEPENDENCIES
  traffic!
